GEM
  remote: http://rubygems.org/
  specs:
    coderay (0.9.8)
    haml (3.1.3)
    method_source (0.6.0)
      ruby_parser (>= 2.0.5)
    nokogiri (1.5.0)
    pry (0.9.3)
      coderay (>= 0.9.8)
      method_source (>= 0.6.0)
      ruby_parser (>= 2.0.5)
      slop (~> 1.9.0)
    rack (1.3.5)
    rack-protection (1.1.4)
      rack
    ruby_parser (2.0.6)
      sexp_processor (~> 3.0)
    sexp_processor (3.0.5)
    sinatra (1.3.1)
      rack (~> 1.3, >= 1.3.4)
      rack-protection (~> 1.1, >= 1.1.2)
      tilt (~> 1.3, >= 1.3.3)
    slop (1.9.1)
    tilt (1.3.3)

PLATFORMS
  ruby

DEPENDENCIES
  haml
  nokogiri
  pry
  sinatra
